GEM
  remote: http://rubygems.org/
  specs:
    actionmailer (3.2.22.2)
      actionpack (= 3.2.22.2)
      mail (~> 2.5.4)
    actionpack (3.2.22.2)
      activemodel (= 3.2.22.2)
      activesupport (= 3.2.22.2)
      builder (~> 3.0.0)
      erubis (~> 2.7.0)
      journey (~> 1.0.4)
      rack (~> 1.4.5)
      rack-cache (~> 1.2)
      rack-test (~> 0.6.1)
      sprockets (~> 2.2.1)
    activemodel (3.2.22.2)
      activesupport (= 3.2.22.2)
      builder (~> 3.0.0)
    activerecord (3.2.22.2)
      activemodel (= 3.2.22.2)
      activesupport (= 3.2.22.2)
      arel (~> 3.0.2)
      tzinfo (~> 0.3.29)
    activeresource (3.2.22.2)
      activemodel (= 3.2.22.2)
      activesupport (= 3.2.22.2)
    activesupport (3.2.22.2)
      i18n (~> 0.6, >= 0.6.4)
      multi_json (~> 1.0)
    addressable (2.4.0)
    arel (3.0.3)
    bootstrap-sass (2.3.2.2)
      sass (~> 3.2)
    builder (3.0.4)
    byebug (9.0.0)
    capybara (1.1.4)
      mime-types (>= 1.16)
      nokogiri (>= 1.3.3)
      rack (>= 1.0.0)
      rack-test (>= 0.5.4)
      selenium-webdriver (~> 2.0)
      xpath (~> 0.1.4)
    childprocess (0.5.9)
      ffi (~> 1.0, >= 1.0.11)
    database_cleaner (0.9.1)
    erubis (2.7.0)
    escape_utils (0.1.9)
    execjs (2.6.0)
    factory_girl (4.1.0)
      activesupport (>= 3.0.0)
    factory_girl_rails (4.1.0)
      factory_girl (~> 4.1.0)
      railties (>= 3.0.0)
    faker (1.1.2)
      i18n (~> 0.5)
    ffi (1.9.10)
    hashie (3.4.4)
    hike (1.2.3)
    i18n (0.7.0)
    journey (1.0.4)
    jquery-rails (3.1.4)
      railties (>= 3.0, < 5.0)
      thor (>= 0.14, < 2.0)
    json (1.8.3)
    kgio (2.10.0)
    launchy (2.4.3)
      addressable (~> 2.3)
    mail (2.5.4)
      mime-types (~> 1.16)
      treetop (~> 1.4.8)
    metaclass (0.0.4)
    mime-types (1.25.1)
    mini_portile2 (2.0.0)
    mocha (0.13.3)
      metaclass (~> 0.0.1)
    multi_json (1.12.0)
    nokogiri (1.6.7.2)
      mini_portile2 (~> 2.0.0.rc2)
    oauth (0.5.1)
    omniauth (1.3.1)
      hashie (>= 1.2, < 4)
      rack (>= 1.0, < 3)
    omniauth-oauth (1.1.0)
      oauth
      omniauth (~> 1.0)
    omniauth-twitter (1.2.1)
      json (~> 1.3)
      omniauth-oauth (~> 1.1)
    paper_trail (2.7.2)
      activerecord (~> 3.0)
      railties (~> 3.0)
    pg (0.18.4)
    polyglot (0.3.5)
    rack (1.4.7)
    rack-cache (1.6.1)
      rack (>= 0.4)
    rack-ssl (1.3.4)
      rack
    rack-test (0.6.3)
      rack (>= 1.0)
    rails (3.2.22.2)
      actionmailer (= 3.2.22.2)
      actionpack (= 3.2.22.2)
      activerecord (= 3.2.22.2)
      activeresource (= 3.2.22.2)
      activesupport (= 3.2.22.2)
      bundler (~> 1.0)
      railties (= 3.2.22.2)
    railties (3.2.22.2)
      actionpack (= 3.2.22.2)
      activesupport (= 3.2.22.2)
      rack-ssl (~> 1.3.2)
      rake (>= 0.8.7)
      rdoc (~> 3.4)
      thor (>= 0.14.6, < 2.0)
    raindrops (0.16.0)
    rake (11.1.2)
    rdoc (3.12.2)
      json (~> 1.4)
    redcarpet (2.2.2)
    rubyzip (1.2.0)
    sass (3.4.22)
    sass-rails (3.2.6)
      railties (~> 3.2.0)
      sass (>= 3.1.10)
      tilt (~> 1.3)
    selenium-webdriver (2.53.0)
      childprocess (~> 0.5)
      rubyzip (~> 1.0)
      websocket (~> 1.0)
    shoulda (3.3.2)
      shoulda-context (~> 1.0.1)
      shoulda-matchers (~> 1.4.1)
    shoulda-context (1.0.2)
    shoulda-matchers (1.4.1)
      activesupport (>= 3.0.0)
    simple_form (2.0.4)
      actionpack (~> 3.0)
      activemodel (~> 3.0)
    sprockets (2.2.3)
      hike (~> 1.2)
      multi_json (~> 1.0)
      rack (~> 1.0)
      tilt (~> 1.1, != 1.3.0)
    thor (0.19.1)
    tilt (1.4.1)
    timecop (0.6.3)
    treetop (1.4.15)
      polyglot
      polyglot (>= 0.3.1)
    tzinfo (0.3.49)
    uglifier (3.0.0)
      execjs (>= 0.3.0, < 3)
    unicorn (5.1.0)
      kgio (~> 2.6)
      raindrops (~> 0.7)
    websocket (1.2.3)
    xpath (0.1.4)
      nokogiri (~> 1.3)

PLATFORMS
  ruby

DEPENDENCIES
  bootstrap-sass (= 2.3.2.2)
  byebug
  capybara (= 1.1.4)
  database_cleaner (= 0.9.1)
  escape_utils (= 0.1.9)
  factory_girl_rails (= 4.1.0)
  faker (= 1.1.2)
  jquery-rails
  launchy
  mocha (= 0.13.3)
  omniauth-twitter
  paper_trail (= 2.7.2)
  pg (= 0.18.4)
  rails (= 3.2.22.2)
  redcarpet (= 2.2.2)
  sass-rails (~> 3.2.3)
  shoulda (= 3.3.2)
  simple_form (= 2.0.4)
  timecop (~> 0.6.0)
  uglifier (>= 1.0.3)
  unicorn (~> 5.1)

RUBY VERSION
   ruby 2.1.10p492

BUNDLED WITH
   1.12.3
